PATH
  remote: .
  specs:
    watchy (0.0.1pre)
      configliere
      mustache
      mysql2

GEM
  remote: https://rubygems.org/
  specs:
    configliere (0.4.18)
      highline (>= 1.5.2)
      multi_json (>= 1.1)
    diff-lcs (1.2.4)
    highline (1.6.19)
    multi_json (1.7.6)
    mustache (0.99.4)
    mysql2 (0.3.11)
    redcarpet (2.3.0)
    rspec (2.13.0)
      rspec-core (~> 2.13.0)
      rspec-expectations (~> 2.13.0)
      rspec-mocks (~> 2.13.0)
    rspec-core (2.13.1)
    rspec-expectations (2.13.0)
      diff-lcs (>= 1.1.3, < 2.0)
    rspec-mocks (2.13.1)
    simplecov (0.7.1)
      multi_json (~> 1.0)
      simplecov-html (~> 0.7.1)
    simplecov-html (0.7.1)
    yard (0.8.6.1)

PLATFORMS
  ruby

DEPENDENCIES
  redcarpet
  rspec
  simplecov
  watchy!
  yard
