PATH
  remote: .
  specs:
    watchy (0.1.1)
      aws-sdk
      configliere
      docile
      gpgme
      mustache
      mysql2
      parse-cron

GEM
  remote: https://rubygems.org/
  specs:
    aws-sdk (1.21.0)
      json (~> 1.4)
      nokogiri (>= 1.4.4, < 1.6.0)
      uuidtools (~> 2.1)
    configliere (0.4.18)
      highline (>= 1.5.2)
      multi_json (>= 1.1)
    diff-lcs (1.2.4)
    docile (1.1.0)
    gpgme (2.0.2)
    highline (1.6.20)
    json (1.8.1)
    multi_json (1.7.7)
    mustache (0.99.4)
    mysql2 (0.3.13)
    nokogiri (1.5.10)
    parse-cron (0.1.3)
    redcarpet (3.0.0)
    rspec (2.14.1)
      rspec-core (~> 2.14.0)
      rspec-expectations (~> 2.14.0)
      rspec-mocks (~> 2.14.0)
    rspec-core (2.14.4)
    rspec-expectations (2.14.0)
      diff-lcs (>= 1.1.3, < 2.0)
    rspec-mocks (2.14.1)
    simplecov (0.7.1)
      multi_json (~> 1.0)
      simplecov-html (~> 0.7.1)
    simplecov-html (0.7.1)
    uuidtools (2.1.4)
    yard (0.8.6.2)

PLATFORMS
  ruby

DEPENDENCIES
  redcarpet
  rspec
  simplecov
  watchy!
  yard
